GEM
  remote: https://rubygems.org/
  specs:
    activemodel (6.1.4.4)
      activesupport (= 6.1.4.4)
    activerecord (6.1.4.4)
      activemodel (= 6.1.4.4)
      activesupport (= 6.1.4.4)
    activesupport (6.1.4.4)
      concurrent-ruby (~> 1.0, >= 1.0.2)
      i18n (>= 1.6, < 2)
      minitest (>= 5.1)
      tzinfo (~> 2.0)
      zeitwerk (~> 2.3)
    concurrent-ruby (1.1.9)
    i18n (1.8.11)
      concurrent-ruby (~> 1.0)
    minitest (5.15.0)
    mustermann (1.1.1)
      ruby2_keywords (~> 0.0.1)
    pg (1.3.0)
    rack (2.2.3)
    rack-protection (2.1.0)
      rack
    rake (13.0.6)
    ruby2_keywords (0.0.5)
    sinatra (2.1.0)
      mustermann (~> 1.0)
      rack (~> 2.2)
      rack-protection (= 2.1.0)
      tilt (~> 2.0)
    sinatra-activerecord (2.0.25)
      activerecord (>= 4.1)
      sinatra (>= 1.0)
    tilt (2.0.10)
    tzinfo (2.0.4)
      concurrent-ruby (~> 1.0)
    zeitwerk (2.5.3)

PLATFORMS
  x86_64-linux

DEPENDENCIES
  activerecord (~> 6.0)
  pg
  rake
  sinatra
  sinatra-activerecord

BUNDLED WITH
   2.2.26
